GIT
  remote: git://github.com/cmrd-senya/diaspora_federation-sinatra_app.git
  revision: c673730d03927a337af95ce4772f8043edff0796
  specs:
    diaspora_federation-sinatra_app (0.1.0)
      diaspora_federation
      sinatra

GIT
  remote: git://github.com/diaspora/diaspora_federation.git
  revision: 5730b88296c92294eda8f7b5bfd4814bddc384fe
  branch: develop
  specs:
    diaspora_federation (0.1.9)
      faraday (>= 0.9.0, < 0.13.0)
      faraday_middleware (>= 0.10.0, < 0.12.0)
      nokogiri (~> 1.6, >= 1.6.8)
      typhoeus (~> 1.0)
      valid (~> 1.0)

GEM
  remote: https://rubygems.org/
  specs:
    addressable (2.4.0)
    bond (0.5.1)
    byebug (9.0.6)
    coderay (1.1.1)
    data_objects (0.10.16)
      addressable (~> 2.1)
    dm-core (1.2.1)
      addressable (~> 2.3)
    dm-do-adapter (1.2.0)
      data_objects (~> 0.10.6)
      dm-core (~> 1.2.0)
    dm-migrations (1.2.0)
      dm-core (~> 1.2.0)
    dm-sqlite-adapter (1.2.0)
      dm-do-adapter (~> 1.2.0)
      do_sqlite3 (~> 0.10.6)
    do_sqlite3 (0.10.16)
      data_objects (= 0.10.16)
    ethon (0.10.1)
      ffi (>= 1.3.0)
    faraday (0.12.1)
      multipart-post (>= 1.2, < 3)
    faraday_middleware (0.11.0.1)
      faraday (>= 0.7.4, < 1.0)
    ffi (1.9.18)
    little-plugger (1.1.4)
    logging (2.0.0)
      little-plugger (~> 1.1)
      multi_json (~> 1.10)
    macaddr (1.7.1)
      systemu (~> 2.6.2)
    method_source (0.8.2)
    mini_portile2 (2.2.0)
    multi_json (1.11.2)
    multipart-post (2.0.0)
    mustermann (1.0.0)
    nokogiri (1.8.0)
      mini_portile2 (~> 2.2.0)
    pry (0.10.4)
      coderay (~> 1.1.0)
      method_source (~> 0.8.1)
      slop (~> 3.4)
    pry-byebug (3.4.2)
      byebug (~> 9.0)
      pry (~> 0.10)
    rack (2.0.3)
    rack-protection (2.0.0)
      rack
    rack-ssl (1.4.1)
      rack
    ripl (0.7.1)
      bond (~> 0.5.1)
    sinatra (2.0.0)
      mustermann (~> 1.0)
      rack (~> 2.0)
      rack-protection (= 2.0.0)
      tilt (~> 2.0)
    slop (3.6.0)
    systemu (2.6.5)
    tilt (2.0.7)
    typhoeus (1.1.2)
      ethon (>= 0.9.0)
    uuid (2.3.8)
      macaddr (~> 1.0)
    valid (1.2.0)

PLATFORMS
  ruby

DEPENDENCIES
  diaspora_federation!
  diaspora_federation-sinatra_app!
  dm-migrations
  dm-sqlite-adapter
  logging
  pry
  pry-byebug
  rack-ssl
  ripl
  typhoeus (= 1.1.2)
  uuid

BUNDLED WITH
   1.15.1
