GIT
  remote: https://github.com/cmrd-senya/diaspora_federation-sinatra_app.git
  revision: 1b0a20a3f14c8e070358592d2c3e19a3f1acb0c0
  specs:
    diaspora_federation-sinatra_app (0.1.0)
      diaspora_federation
      sinatra

GIT
  remote: https://github.com/cmrd-senya/diaspora_federation.git
  revision: 599dd025a7cca6ae192aaf3d4dbb279707d32b14
  branch: hydra-wrapper
  specs:
    diaspora_federation (0.0.9)
      faraday (~> 0.9.0)
      faraday_middleware (~> 0.10.0)
      nokogiri (~> 1.6, >= 1.6.6.4)
      typhoeus (~> 0.7)
      valid (~> 1.0)

GEM
  remote: https://rubygems.org/
  specs:
    addressable (2.4.0)
    bond (0.5.1)
    data_objects (0.10.16)
      addressable (~> 2.1)
    dm-core (1.2.1)
      addressable (~> 2.3)
    dm-do-adapter (1.2.0)
      data_objects (~> 0.10.6)
      dm-core (~> 1.2.0)
    dm-migrations (1.2.0)
      dm-core (~> 1.2.0)
    dm-sqlite-adapter (1.2.0)
      dm-do-adapter (~> 1.2.0)
      do_sqlite3 (~> 0.10.6)
    do_sqlite3 (0.10.16)
      data_objects (= 0.10.16)
    ethon (0.8.0)
      ffi (>= 1.3.0)
    faraday (0.9.2)
      multipart-post (>= 1.2, < 3)
    faraday_middleware (0.10.0)
      faraday (>= 0.7.4, < 0.10)
    ffi (1.9.10)
    little-plugger (1.1.4)
    logging (2.0.0)
      little-plugger (~> 1.1)
      multi_json (~> 1.10)
    macaddr (1.7.1)
      systemu (~> 2.6.2)
    mini_portile2 (2.0.0)
    multi_json (1.11.2)
    multipart-post (2.0.0)
    nokogiri (1.6.7)
      mini_portile2 (~> 2.0.0.rc2)
    rack (1.6.4)
    rack-protection (1.5.3)
      rack
    ripl (0.7.1)
      bond (~> 0.5.1)
    sinatra (1.4.6)
      rack (~> 1.4)
      rack-protection (~> 1.4)
      tilt (>= 1.3, < 3)
    systemu (2.6.5)
    tilt (2.0.1)
    typhoeus (0.8.0)
      ethon (>= 0.8.0)
    uuid (2.3.8)
      macaddr (~> 1.0)
    valid (1.1.0)

PLATFORMS
  ruby

DEPENDENCIES
  diaspora_federation!
  diaspora_federation-sinatra_app!
  dm-migrations
  dm-sqlite-adapter
  logging
  ripl
  uuid

BUNDLED WITH
   1.11.0
